GEM
  remote: https://rubygems.org/
  specs:
    awesome_print (1.7.0)
    coderay (1.1.1)
    epubcheck (3.0.1)
    json (2.0.2)
    kindlegen (2.9.7)
    posix-spawn (0.3.11)
    pygments.rb (0.6.3)
      posix-spawn (~> 0.3.6)
      yajl-ruby (~> 1.2.0)
    rake (11.2.2)
    thread_safe (0.3.5)
    yajl-ruby (1.2.1)

PLATFORMS
  ruby

DEPENDENCIES
  awesome_print
  coderay
  epubcheck
  json
  kindlegen
  pygments.rb
  rake
  thread_safe

BUNDLED WITH
   1.11.2
